PATH
  remote: .
  specs:
    haproxy_instance (0.0.1)
      rest-client
      smart_colored

GEM
  remote: http://rubygems.org/
  specs:
    mime-types (1.19)
    rest-client (1.6.7)
      mime-types (>= 1.16)
    smart_colored (1.1.1)

PLATFORMS
  ruby

DEPENDENCIES
  haproxy_instance!
